PATH
  remote: .
  specs:
    thebigdb (1.2.1)
      rack (~> 1.4)

GEM
  remote: https://rubygems.org/
  specs:
    addressable (2.3.3)
    coderay (1.0.9)
    crack (0.3.2)
    diff-lcs (1.2.1)
    ffi (1.4.0)
    guard (1.6.2)
      listen (>= 0.6.0)
      lumberjack (>= 1.0.2)
      pry (>= 0.9.10)
      terminal-table (>= 1.4.3)
      thor (>= 0.14.6)
    guard-rspec (2.5.0)
      guard (>= 1.1)
      rspec (~> 2.11)
    listen (0.7.3)
    lumberjack (1.0.2)
    method_source (0.8.1)
    pry (0.9.12)
      coderay (~> 1.0.5)
      method_source (~> 0.8)
      slop (~> 3.4)
    rack (1.5.2)
    rake (10.0.3)
    rb-fchange (0.0.6)
      ffi
    rb-fsevent (0.9.3)
    rb-inotify (0.9.0)
      ffi (>= 0.5.0)
    rspec (2.13.0)
      rspec-core (~> 2.13.0)
      rspec-expectations (~> 2.13.0)
      rspec-mocks (~> 2.13.0)
    rspec-core (2.13.1)
    rspec-expectations (2.13.0)
      diff-lcs (>= 1.1.3, < 2.0)
    rspec-mocks (2.13.0)
    slop (3.4.4)
    terminal-table (1.4.5)
    thor (0.17.0)
    webmock (1.11.0)
      addressable (>= 2.2.7)
      crack (>= 0.3.2)

PLATFORMS
  ruby

DEPENDENCIES
  guard-rspec (~> 2.3)
  rake (~> 10.0.3)
  rb-fchange
  rb-fsevent
  rb-inotify
  rspec (~> 2.12)
  thebigdb!
  webmock (~> 1.9)
